GEM
  remote: https://rubygems.org/
  specs:
    kramdown (1.16.2)
    yard (0.9.12)

PLATFORMS
  java

DEPENDENCIES
  kramdown
  yard (~> 0.9.11)

BUNDLED WITH
   1.16.1
